GEM
  remote: http://rubygems.org/
  specs:
    kgio (2.4.2)
    rack (1.3.0)
    rainbows (3.4.0)
      kgio (~> 2.4)
      rack (~> 1.1)
      unicorn (~> 3.6)
    sinatra (1.2.6)
      rack (~> 1.1)
      tilt (< 2.0, >= 1.2.2)
    tilt (1.3.2)
    unicorn (3.7.0)
      kgio (~> 2.3)
      rack

PLATFORMS
  java
  ruby

DEPENDENCIES
  rainbows
  sinatra
