GEM
  remote: http://rubygems.org/
  specs:
    eventmachine (0.12.10)
    kgio (2.6.0)
    rack (1.3.2)
    rainbows (4.1.0)
      kgio (~> 2.5)
      rack (~> 1.1)
      unicorn (~> 4.0)
    raindrops (0.7.0)
    sinatra (1.2.6)
      rack (~> 1.1)
      tilt (>= 1.2.2, < 2.0)
    tilt (1.3.2)
    unicorn (4.0.1)
      kgio (~> 2.4)
      rack
      raindrops (~> 0.6)

PLATFORMS
  ruby

DEPENDENCIES
  eventmachine
  rainbows
  sinatra
